PATH
  remote: ~/Programming/RubyDev/gem_production/world_bank_ruby
  specs:
    world_bank (0.9.1.alpha)
      faraday
      faraday_middleware
      hashie (~> 1.0.0)
      multi_json
      rash (~> 0.3.0)

GEM
  specs:
    addressable (2.2.8)
    diff-lcs (1.1.3)
    faraday (0.6.1)
      addressable (~> 2.2.4)
      multipart-post (~> 1.1.0)
      rack (>= 1.1.0, < 2)
    faraday_middleware (0.6.5)
      faraday (~> 0.6.0)
    hashie (1.0.0)
    multi_json (1.3.6)
    multipart-post (1.1.5)
    rack (1.4.1)
    rake (0.9.2.2)
    rash (0.3.0)
      hashie (~> 1.0.0)
    rspec (2.7.0)
      rspec-core (~> 2.7.0)
      rspec-expectations (~> 2.7.0)
      rspec-mocks (~> 2.7.0)
    rspec-core (2.7.1)
    rspec-expectations (2.7.0)
      diff-lcs (~> 1.1.2)
    rspec-mocks (2.7.0)

PLATFORMS
  ruby

DEPENDENCIES
  rake
  rspec
  world_bank!
