PATH
  remote: ~/Programming/RubyDev/gem_production/world_bank_ruby
  specs:
    world_bank (0.9.1.alpha)
      faraday (~> 0.6.1)
      faraday_middleware (~> 0.6.3)
      hashie (~> 1.0.0)
      multi_json (~> 1.3.6)
      rash (~> 0.3.0)

GEM
  specs:
    addressable (2.2.8)
    faraday (0.6.1)
      addressable (~> 2.2.4)
      multipart-post (~> 1.1.0)
      rack (>= 1.1.0, < 2)
    faraday_middleware (0.6.5)
      faraday (~> 0.6.0)
    hashie (1.0.0)
    multi_json (1.3.6)
    multipart-post (1.1.5)
    rack (1.4.1)
    rash (0.3.0)
      hashie (~> 1.0.0)

PLATFORMS
  ruby

DEPENDENCIES
  world_bank!
